PATH
  remote: .
  specs:
    looker-sdk (0.1.9)
      faraday (>= 1.2, < 3.0)
      sawyer (~> 0.8)

GEM
  remote: https://rubygems.org/
  specs:
    addressable (2.8.1)
      public_suffix (>= 2.0.2, < 6.0)
    awesome_print (1.9.2)
    builder (3.2.4)
    ci_reporter (2.1.0)
      builder (>= 2.1.2)
      rexml
    ci_reporter_minitest (1.0.0)
      ci_reporter (~> 2.0)
      minitest (~> 5.0)
    faraday (2.7.8)
      faraday-net_http (>= 2.0, < 3.1)
      ruby2_keywords (>= 0.0.4)
    faraday-multipart (1.0.4)
      multipart-post (~> 2)
    faraday-net_http (3.0.2)
    faraday-rack (2.0.0)
      faraday (~> 2.0)
    metaclass (0.0.4)
    minitest (5.11.3)
    mocha (1.1.0)
      metaclass (~> 0.0.1)
    multi_json (1.15.0)
    multipart-post (2.3.0)
    netrc (0.7.9)
    public_suffix (5.0.1)
    rack (2.2.8.1)
    rack-test (1.1.0)
      rack (>= 1.0, < 3)
    rake (13.2.1)
    redcarpet (3.5.1)
    rexml (3.3.3)
      strscan
    ruby2_keywords (0.0.5)
    sawyer (0.9.2)
      addressable (>= 2.3.5)
      faraday (>= 0.17.3, < 3)
    simplecov (0.7.1)
      multi_json (~> 1.0)
      simplecov-html (~> 0.7.1)
    simplecov-html (0.7.1)
    strscan (3.1.0)

PLATFORMS
  arm64-darwin-22
  x86_64-linux

DEPENDENCIES
  awesome_print (~> 1.9.2)
  ci_reporter_minitest (~> 1.0)
  faraday (~> 2.7)
  faraday-multipart (~> 1.0)
  faraday-rack (~> 2)
  looker-sdk!
  minitest (~> 5.11.0)
  mocha (~> 1.1.0)
  netrc (~> 0.7.7)
  rack (~> 2.2.8)
  rack-test (~> 1)
  rake (~> 13.2.1)
  redcarpet (~> 3.5.1)
  simplecov (~> 0.7.1)

BUNDLED WITH
   2.4.14
